GIT
  remote: git://github.com/inosin/csdn-sdk.git
  revision: 93ad128b1d884090a6fa88fe2d50c6c3e88959d4
  specs:
    csdn-sdk (0.0.2)
      hashie (~> 2.0.4)
      multi_json (~> 1.7.2)
      oauth2 (~> 0.9.1)
      rest-client (~> 1.6.7)

GIT
  remote: git://github.com/sinatra/sinatra.git
  revision: f12a26cdf86c66baa6d6958aad20fea327558e04
  specs:
    sinatra (1.4.2)
      rack (~> 1.5, >= 1.5.2)
      rack-protection (~> 1.4)
      tilt (~> 1.3, >= 1.3.4)

GEM
  remote: https://rubygems.org/
  specs:
    faraday (0.8.7)
      multipart-post (~> 1.1)
    hashie (2.0.5)
    httpauth (0.2.0)
    jwt (0.1.8)
      multi_json (>= 1.5)
    mime-types (1.23)
    multi_json (1.7.3)
    multi_xml (0.5.3)
    multipart-post (1.2.0)
    oauth2 (0.9.1)
      faraday (~> 0.8)
      httpauth (~> 0.1)
      jwt (~> 0.1.4)
      multi_json (~> 1.0)
      multi_xml (~> 0.5)
      rack (~> 1.2)
    rack (1.5.2)
    rack-protection (1.5.0)
      rack
    rest-client (1.6.7)
      mime-types (>= 1.16)
    slim (1.0.1)
      temple (~> 0.3.0)
      tilt (~> 1.2)
    temple (0.3.5)
    tilt (1.4.1)

PLATFORMS
  ruby

DEPENDENCIES
  csdn-sdk!
  sinatra!
  slim
